GEM
  remote: http://rubygems.org/
  specs:
    dropbox-api (0.1.0)
      hashie
      oauth
      yajl-ruby
    hashie (1.2.0)
    oauth (0.4.5)
    sqlite3 (1.3.5)
    yajl-ruby (1.1.0)

PLATFORMS
  ruby

DEPENDENCIES
  dropbox-api
  sqlite3
