GIT
  remote: https://github.com/tmacedo/oauth-ruby.git
  revision: 2f942922de4dcbcf17f075ca3c3a7184b99e8594
  specs:
    oauth (0.4.5)

GEM
  remote: http://rubygems.org/
  specs:
    daemons (1.1.4)
    dropbox-api (0.3.1)
      hashie
      multi_json
      oauth
    hashie (1.2.0)
    multi_json (1.3.6)
    sqlite3 (1.3.5)

PLATFORMS
  ruby

DEPENDENCIES
  daemons
  dropbox-api
  oauth!
  sqlite3
